GEM
  specs:
    google-protobuf (3.13.0-universal-darwin)

PLATFORMS
  ruby

DEPENDENCIES
  google-protobuf (~> 3.13)

RUBY VERSION
   ruby 2.7.0p0

BUNDLED WITH
   2.1.2
